PATH
  remote: .
  specs:
    rietveld_easytrack (0.1.0)

GEM
  remote: https://rubygems.org/
  specs:
    mini_portile2 (2.1.0)
    nokogiri (1.7.0.1)
      mini_portile2 (~> 2.1.0)
    rake (10.4.2)

PLATFORMS
  ruby

DEPENDENCIES
  bundler (~> 1.13)
  nokogiri
  rake (~> 10.0)
  rietveld_easytrack!

BUNDLED WITH
   1.13.7
